PATH
  remote: .
  specs:
    coding_challenges (0.1.0)

GEM
  remote: https://rubygems.org/
  specs:
    algorithms (1.0.0)
    diff-lcs (1.5.0)
    rake (10.5.0)
    rspec (3.10.0)
      rspec-core (~> 3.10.0)
      rspec-expectations (~> 3.10.0)
      rspec-mocks (~> 3.10.0)
    rspec-core (3.10.1)
      rspec-support (~> 3.10.0)
    rspec-expectations (3.10.1)
      diff-lcs (>= 1.2.0, < 2.0)
      rspec-support (~> 3.10.0)
    rspec-mocks (3.10.2)
      diff-lcs (>= 1.2.0, < 2.0)
      rspec-support (~> 3.10.0)
    rspec-support (3.10.3)

PLATFORMS
  ruby

DEPENDENCIES
  algorithms (~> 1.0.0)
  bundler (~> 1.17)
  coding_challenges!
  rake (~> 10.0)
  rspec (~> 3.0)

BUNDLED WITH
   1.17.2
